GEM
  remote: https://rubygems.org/
  specs:
    activesupport (4.1.4)
      i18n (~> 0.6, >= 0.6.9)
      json (~> 1.7, >= 1.7.7)
      minitest (~> 5.1)
      thread_safe (~> 0.1)
      tzinfo (~> 1.1)
    addressable (2.3.6)
    excon (0.33.0)
    heroku (3.9.6)
      excon (= 0.33.0)
      heroku-api (= 0.3.18)
      launchy (= 2.4.2)
      netrc (= 0.7.7)
      rest-client (= 1.6.7)
      rubyzip (= 0.9.9)
    heroku-api (0.3.18)
      excon (~> 0.27)
      multi_json (~> 1.8)
    i18n (0.6.11)
    icalendar (2.1.1)
    json (1.8.1)
    launchy (2.4.2)
      addressable (~> 2.3)
    mime-types (2.3)
    mini_portile (0.6.0)
    minitest (5.4.0)
    multi_json (1.10.1)
    netrc (0.7.7)
    nokogiri (1.6.3.1)
      mini_portile (= 0.6.0)
    rack (1.5.2)
    rest-client (1.6.7)
      mime-types (>= 1.16)
    rubyzip (0.9.9)
    thread_safe (0.3.4)
    tzinfo (1.2.1)
      thread_safe (~> 0.1)

PLATFORMS
  ruby

DEPENDENCIES
  activesupport
  heroku
  icalendar
  nokogiri
  rack
